PATH
  remote: .
  specs:
    map_print (0.4.0)
      mini_magick (~> 4.3)
      parallel (~> 1.6)
      prawn (~> 2.0)
      prawn-fast-png (~> 0.2.3)
      thor (~> 0.19)

GEM
  remote: https://rubygems.org/
  specs:
    mini_magick (4.4.0)
    minitest (5.8.4)
    parallel (1.6.1)
    pdf-core (0.6.0)
    prawn (2.0.2)
      pdf-core (~> 0.6.0)
      ttfunk (~> 1.4.0)
    prawn-fast-png (0.2.3)
      prawn
      rmagick
    rake (10.5.0)
    rmagick (2.15.4)
    thor (0.19.1)
    ttfunk (1.4.0)

PLATFORMS
  ruby

DEPENDENCIES
  bundler (~> 1.10)
  map_print!
  minitest (~> 5.8)
  rake (~> 10.0)

BUNDLED WITH
   1.10.6
