PATH
  remote: .
  specs:
    map_print (0.4.0)
      mini_magick (~> 4.3)
      parallel (~> 1.6)
      prawn (~> 2.0)
      prawn-fast-png (~> 0.2.3)
      thor (~> 0.19)

GEM
  remote: https://rubygems.org/
  specs:
    codeclimate-test-reporter (0.4.8)
      simplecov (>= 0.7.1, < 1.0.0)
    docile (1.1.5)
    json (1.8.3)
    mini_magick (4.4.0)
    minitest (5.8.4)
    parallel (1.6.1)
    pdf-core (0.6.0)
    prawn (2.0.2)
      pdf-core (~> 0.6.0)
      ttfunk (~> 1.4.0)
    prawn-fast-png (0.2.3)
      prawn
      rmagick
    rake (10.5.0)
    rmagick (2.15.4)
    simplecov (0.11.2)
      docile (~> 1.1.0)
      json (~> 1.8)
      simplecov-html (~> 0.10.0)
    simplecov-html (0.10.0)
    thor (0.19.1)
    ttfunk (1.4.0)

PLATFORMS
  ruby

DEPENDENCIES
  bundler (~> 1.10)
  codeclimate-test-reporter
  map_print!
  minitest (~> 5.8)
  rake (~> 10.0)

BUNDLED WITH
   1.10.6
